GEM
  remote: https://rubygems.org/
  specs:
    atomic (1.1.14)
    diff-lcs (1.2.5)
    gherkin (2.11.6)
      json (>= 1.7.6)
    haml (4.0.2)
      tilt
    json (1.8.1)
    nokogiri (1.5.9)
    puma (2.0.1)
      rack (>= 1.1, < 2.0)
    rack (1.5.2)
    rack-protection (1.5.2)
      rack
    rack-test (0.6.2)
      rack (>= 1.0)
    rake (10.0.4)
    rspec (2.13.0)
      rspec-core (~> 2.13.0)
      rspec-expectations (~> 2.13.0)
      rspec-mocks (~> 2.13.0)
    rspec-core (2.13.1)
    rspec-expectations (2.13.0)
      diff-lcs (>= 1.1.3, < 2.0)
    rspec-mocks (2.13.0)
    rufus-scheduler (2.0.19)
      tzinfo (>= 0.3.23)
    sinatra (1.3.5)
      rack (~> 1.4)
      rack-protection (~> 1.3)
      tilt (~> 1.3, >= 1.3.3)
    sinatra-respond_to (0.9.0)
      sinatra (~> 1.3)
    thread_safe (0.1.3)
      atomic
    tilt (1.3.5)
    tzinfo (1.1.0)
      thread_safe (~> 0.1)

PLATFORMS
  ruby

DEPENDENCIES
  gherkin (<= 2.11.6)
  haml (= 4.0.2)
  nokogiri (= 1.5.9)
  puma (= 2.0.1)
  rack-test (= 0.6.2)
  rake (= 10.0.4)
  rspec (= 2.13.0)
  rspec-mocks (= 2.13.0)
  rufus-scheduler (= 2.0.19)
  sinatra (= 1.3.5)
  sinatra-respond_to (= 0.9.0)
  tilt (= 1.3.5)
